PATH
  remote: .
  specs:
    hutch (0.0.1)
      amqp (~> 0.9.8)
      multi_json (~> 1.5)

GEM
  remote: http://rubygems.org/
  specs:
    amq-client (0.9.10)
      amq-protocol (>= 0.9.4)
      eventmachine
    amq-protocol (1.1.0)
    amqp (0.9.8)
      amq-client (~> 0.9.5)
      amq-protocol (>= 0.9.4)
      eventmachine
    diff-lcs (1.1.3)
    eventmachine (1.0.0)
    growl (1.0.3)
    guard (0.8.8)
      thor (~> 0.14.6)
    guard-rspec (0.5.11)
      guard (>= 0.8.4)
    multi_json (1.5.0)
    rb-fsevent (0.9.3)
    rspec (2.12.0)
      rspec-core (~> 2.12.0)
      rspec-expectations (~> 2.12.0)
      rspec-mocks (~> 2.12.0)
    rspec-core (2.12.2)
    rspec-expectations (2.12.1)
      diff-lcs (~> 1.1.3)
    rspec-mocks (2.12.1)
    thor (0.14.6)

PLATFORMS
  ruby

DEPENDENCIES
  growl (~> 1.0.3)
  guard (~> 0.8.8)
  guard-rspec (~> 0.5.4)
  hutch!
  rb-fsevent (~> 0.9)
  rspec (~> 2.12.0)
